GEM
  remote: https://rubygems.org/
  specs:
    thor (1.3.0)

PLATFORMS
  arm64-darwin
  x86_64-darwin
  x86_64-linux

DEPENDENCIES
  thor (~> 1.2)

BUNDLED WITH
   2.4.22
